GIT
  remote: https://github.com/dkubb/abstract_class.git
  revision: 7beff4dcd74e7c99d36d86a38c380cf7022a8897
  specs:
    abstract_class (0.0.1)

GIT
  remote: https://github.com/dkubb/equalizer.git
  revision: 7e1a0b59e03addcac1502bccb9fed5b7257c16e7
  specs:
    equalizer (0.0.1)
      ice_nine (~> 0.4.0)
      immutable (~> 0.0.1)

GIT
  remote: https://github.com/dkubb/immutable.git
  revision: 5115781fd94a76430a9d0251b04c209e0b09a036
  branch: experimental
  specs:
    immutable (0.0.1)
      backports (~> 2.6.1)
      ice_nine (~> 0.4.0)

GIT
  remote: https://github.com/dkubb/reek.git
  revision: b85adad65e992e194023f6346f3e72c3b46b4c56
  specs:
    reek (1.2.8)
      ruby2ruby (~> 1.2)
      ruby_parser (~> 2.0)
      sexp_processor (~> 3.0)

GIT
  remote: https://github.com/mbj/rb-inotify
  revision: 3488a844b55d092f95541757a0110fee31512108
  specs:
    rb-inotify (0.8.8)
      ffi (>= 0.5.0)

PATH
  remote: .
  specs:
    response (0.0.1)
      equalizer (~> 0.0.1)
      ice_nine (~> 0.4.0)
      immutable (~> 0.0.1)

GEM
  remote: https://rubygems.org/
  specs:
    backports (2.6.4)
    diff-lcs (1.1.3)
    env (0.3.0)
    ffi (1.1.5)
    ffi-hunspell (0.2.5)
      env (~> 0.2)
      ffi (~> 1.0)
    flay (1.4.3)
      ruby_parser (~> 2.0)
      sexp_processor (~> 3.0)
    flog (2.5.3)
      ruby_parser (~> 2.0)
      sexp_processor (~> 3.0)
    guard (1.3.2)
      listen (>= 0.4.2)
      thor (>= 0.14.6)
    guard-bundler (1.0.0)
      bundler (~> 1.0)
      guard (~> 1.1)
    guard-rspec (1.2.1)
      guard (>= 1.1)
    ice_nine (0.4.0)
    listen (0.5.0)
    pelusa (0.2.2)
    rake (0.9.2.2)
    roodi (2.1.0)
      ruby_parser
    rspec (2.11.0)
      rspec-core (~> 2.11.0)
      rspec-expectations (~> 2.11.0)
      rspec-mocks (~> 2.11.0)
    rspec-core (2.11.1)
    rspec-expectations (2.11.3)
      diff-lcs (~> 1.1.3)
    rspec-mocks (2.11.2)
    ruby2ruby (1.3.1)
      ruby_parser (~> 2.0)
      sexp_processor (~> 3.0)
    ruby_parser (2.3.1)
      sexp_processor (~> 3.0)
    sexp_processor (3.2.0)
    thor (0.16.0)
    yard (0.8.2.1)
    yard-spellcheck (0.1.5)
      ffi-hunspell (~> 0.2)
      yard (~> 0.6)
    yardstick (0.5.0)
      yard (~> 0.8.1)

PLATFORMS
  ruby

DEPENDENCIES
  abstract_class!
  equalizer!
  flay (~> 1.4.2)
  flog (~> 2.5.1)
  guard (~> 1.3.2)
  guard-bundler (~> 1.0.0)
  guard-rspec (~> 1.2.1)
  immutable!
  pelusa (~> 0.2.1)
  rake (~> 0.9.2)
  rb-inotify!
  reek (~> 1.2.8)!
  response!
  roodi (~> 2.1.0)
  rspec (~> 2)
  yard (~> 0.8.1)
  yard-spellcheck (~> 0.1.5)
  yardstick (~> 0.5.0)
